PATH
  remote: .
  specs:
    gsm (0.0.1)
      version (~> 1.0.0)

GEM
  remote: https://rubygems.org/
  specs:
    diff-lcs (1.2.1)
    fuubar (1.1.0)
      rspec (~> 2.0)
      rspec-instafail (~> 0.2.0)
      ruby-progressbar (~> 1.0.0)
    rake (10.0.4)
    rspec (2.13.0)
      rspec-core (~> 2.13.0)
      rspec-expectations (~> 2.13.0)
      rspec-mocks (~> 2.13.0)
    rspec-core (2.13.1)
    rspec-expectations (2.13.0)
      diff-lcs (>= 1.1.3, < 2.0)
    rspec-instafail (0.2.4)
    rspec-mocks (2.13.0)
    ruby-progressbar (1.0.2)
    version (1.0.0)

PLATFORMS
  ruby

DEPENDENCIES
  bundler (~> 1.3.0)
  fuubar (~> 1.1.0)
  gsm!
  rake (~> 10.0.0)
  rspec (~> 2.13.0)
